GIT
  remote: git://github.com/lostisland/faraday-net_http.git
  revision: 8a2f480428d51955e8348d318370b9d693cbdcb3
  branch: main
  specs:
    faraday-net_http (2.0.0.alpha.pre.2)
      faraday (~> 2.0.0.alpha.pre.2)

GEM
  remote: https://rubygems.org/
  specs:
    faraday (2.0.0.alpha.pre.4)
      multipart-post (>= 1.2, < 3)
      ruby2_keywords (>= 0.0.4)
    google-protobuf (3.19.1)
    multipart-post (2.1.1)
    ruby2_keywords (0.0.5)

PLATFORMS
  ruby

DEPENDENCIES
  faraday-net_http!
  google-protobuf

BUNDLED WITH
   1.17.3
